GEM
  remote: https://rubygems.org/
  specs:
    arduino_firmata (0.3.7)
      args_parser (>= 0.1.4)
      event_emitter (>= 0.2.4)
      serialport (>= 1.1.0)
    args_parser (0.2.0)
    coderay (1.1.0)
    event_emitter (0.2.5)
    method_source (0.8.2)
    pry (0.10.1)
      coderay (~> 1.1.0)
      method_source (~> 0.8.1)
      slop (~> 3.4)
    ruby-opencv (0.0.14)
    serialport (1.3.1)
    slop (3.6.0)

PLATFORMS
  ruby

DEPENDENCIES
  arduino_firmata
  pry
  ruby-opencv
